GIT
  remote: https://github.com/ManifoldScholar/capistrano-yarn.git
  revision: bf87641c1118afa1db6366ffbe72af06a47141cb
  specs:
    capistrano-yarn (1.0.0)
      capistrano (>= 3.0.0)

GEM
  remote: https://rubygems.org/
  specs:
    capistrano (3.4.1)
      i18n
      rake (>= 10.0.0)
      sshkit (~> 1.3)
    capistrano-bundler (1.1.4)
      capistrano (~> 3.1)
      sshkit (~> 1.2)
    capistrano-copy-files (0.0.1)
      capistrano (>= 3.0.0)
    capistrano-rails (1.1.5)
      capistrano (~> 3.1)
      capistrano-bundler (~> 1.1)
    capistrano-rbenv (2.0.3)
      capistrano (~> 3.1)
      sshkit (~> 1.3)
    capistrano-touch-linked-files (0.3.0)
      capistrano (>= 3.0)
    i18n (0.7.0)
    net-scp (1.2.1)
      net-ssh (>= 2.6.5)
    net-ssh (3.1.1)
    rake (10.5.0)
    sass (3.4.21)
    scss_lint (0.47.0)
      rake (>= 0.9, < 11)
      sass (~> 3.4.15)
    sshkit (1.10.0)
      net-scp (>= 1.1.2)
      net-ssh (>= 2.8.0)

PLATFORMS
  ruby

DEPENDENCIES
  capistrano (~> 3.4.1)
  capistrano-bundler (~> 1.1.2)
  capistrano-copy-files
  capistrano-rails (~> 1.1)
  capistrano-rbenv (~> 2.0)
  capistrano-touch-linked-files
  capistrano-yarn!
  scss_lint

BUNDLED WITH
   1.13.0.rc.2
