GIT
  remote: https://github.com/ManifoldScholar/capistrano-yarn.git
  revision: f828e5a63219b9898e2fa43bbf8d41e8be593efa
  specs:
    capistrano-yarn (1.0.0)
      capistrano (>= 3.0.0)

GEM
  remote: https://rubygems.org/
  specs:
    activesupport (5.0.1)
      concurrent-ruby (~> 1.0, >= 1.0.2)
      i18n (~> 0.7)
      minitest (~> 5.1)
      tzinfo (~> 1.1)
    addressable (2.5.0)
      public_suffix (~> 2.0, >= 2.0.2)
    capistrano (3.4.1)
      i18n
      rake (>= 10.0.0)
      sshkit (~> 1.3)
    capistrano-bundler (1.1.4)
      capistrano (~> 3.1)
      sshkit (~> 1.2)
    capistrano-copy-files (0.0.1)
      capistrano (>= 3.0.0)
    capistrano-rails (1.2.2)
      capistrano (~> 3.1)
      capistrano-bundler (~> 1.1)
    capistrano-rake (0.1.0)
      capistrano (>= 3.0)
    capistrano-rbenv (2.1.0)
      capistrano (~> 3.1)
      sshkit (~> 1.3)
    capistrano-touch-linked-files (0.3.0)
      capistrano (>= 3.0)
    clamp (1.1.1)
    concurrent-ruby (1.0.4)
    faraday (0.9.2)
      multipart-post (>= 1.2, < 3)
    faraday-http-cache (2.0.0)
      faraday (~> 0.8)
    foreman (0.83.0)
      thor (~> 0.19.1)
    gettext (3.2.2)
      locale (>= 2.0.5)
      text (>= 1.3.0)
    github_changelog_generator (1.14.3)
      activesupport
      faraday-http-cache
      multi_json
      octokit (~> 4.6)
      rainbow (>= 2.1)
      rake (>= 10.0)
      retriable (~> 2.1)
    i18n (0.7.0)
    locale (2.1.2)
    minitest (5.10.1)
    multi_json (1.12.1)
    multipart-post (2.0.0)
    net-scp (1.2.1)
      net-ssh (>= 2.6.5)
    net-ssh (4.0.1)
    octokit (4.7.0)
      sawyer (~> 0.8.0, >= 0.5.3)
    paint (2.0.0)
    public_suffix (2.0.5)
    rainbow (2.2.1)
    rake (12.0.0)
    retriable (2.1.0)
    sawyer (0.8.1)
      addressable (>= 2.3.5, < 2.6)
      faraday (~> 0.8, < 1.0)
    sshkit (1.11.5)
      net-scp (>= 1.1.2)
      net-ssh (>= 2.8.0)
    text (1.3.1)
    thor (0.19.4)
    thread_safe (0.3.5)
    tzinfo (1.2.2)
      thread_safe (~> 0.1)

PLATFORMS
  ruby

DEPENDENCIES
  capistrano (~> 3.4.1)
  capistrano-bundler (~> 1.1.2)
  capistrano-copy-files
  capistrano-rails (~> 1.1)
  capistrano-rake (~> 0.1.0)
  capistrano-rbenv (~> 2.0)
  capistrano-touch-linked-files
  capistrano-yarn!
  clamp
  foreman
  gettext
  github_changelog_generator
  paint

BUNDLED WITH
   1.15.4
