GIT
  remote: https://github.com/ManifoldScholar/capistrano-yarn.git
  revision: 72f26e78c8b6ac5ed24b682c74958af9e173989e
  specs:
    capistrano-yarn (1.0.0)
      capistrano (>= 3.0.0)

GEM
  remote: https://rubygems.org/
  specs:
    capistrano (3.4.1)
      i18n
      rake (>= 10.0.0)
      sshkit (~> 1.3)
    capistrano-bundler (1.1.4)
      capistrano (~> 3.1)
      sshkit (~> 1.2)
    capistrano-copy-files (0.0.1)
      capistrano (>= 3.0.0)
    capistrano-rails (1.2.2)
      capistrano (~> 3.1)
      capistrano-bundler (~> 1.1)
    capistrano-rbenv (2.1.0)
      capistrano (~> 3.1)
      sshkit (~> 1.3)
    capistrano-touch-linked-files (0.3.0)
      capistrano (>= 3.0)
    clamp (1.1.1)
    foreman (0.83.0)
      thor (~> 0.19.1)
    gettext (3.2.2)
      locale (>= 2.0.5)
      text (>= 1.3.0)
    i18n (0.7.0)
    locale (2.1.2)
    net-scp (1.2.1)
      net-ssh (>= 2.6.5)
    net-ssh (4.0.1)
    paint (2.0.0)
    rake (12.0.0)
    sass (3.4.23)
    scss_lint (0.52.0)
      rake (>= 0.9, < 13)
      sass (~> 3.4.20)
    sshkit (1.11.5)
      net-scp (>= 1.1.2)
      net-ssh (>= 2.8.0)
    text (1.3.1)
    thor (0.19.4)

PLATFORMS
  ruby

DEPENDENCIES
  capistrano (~> 3.4.1)
  capistrano-bundler (~> 1.1.2)
  capistrano-copy-files
  capistrano-rails (~> 1.1)
  capistrano-rbenv (~> 2.0)
  capistrano-touch-linked-files
  capistrano-yarn!
  clamp
  foreman
  gettext
  paint
  scss_lint

BUNDLED WITH
   1.14.3
