GEM
  remote: https://rubygems.org/
  specs:
    activesupport (6.0.3.1)
      concurrent-ruby (~> 1.0, >= 1.0.2)
      i18n (>= 0.7, < 2)
      minitest (~> 5.1)
      tzinfo (~> 1.1)
      zeitwerk (~> 2.2, >= 2.2.2)
    addressable (2.5.2)
      public_suffix (>= 2.0.2, < 4.0)
    clamp (1.1.1)
    concurrent-ruby (1.1.6)
    faraday (0.13.1)
      multipart-post (>= 1.2, < 3)
    faraday-http-cache (2.0.0)
      faraday (~> 0.8)
    foreman (0.83.0)
      thor (~> 0.19.1)
    gettext (3.2.2)
      locale (>= 2.0.5)
      text (>= 1.3.0)
    github_changelog_generator (1.15.0.pre.rc)
      activesupport
      faraday-http-cache
      multi_json
      octokit (~> 4.6)
      rainbow (>= 2.2.1)
      rake (>= 10.0)
      retriable (~> 3.0)
    i18n (1.8.2)
      concurrent-ruby (~> 1.0)
    locale (2.1.2)
    minitest (5.14.1)
    multi_json (1.12.2)
    multipart-post (2.0.0)
    octokit (4.8.0)
      sawyer (~> 0.8.0, >= 0.5.3)
    paint (2.0.0)
    public_suffix (3.0.1)
    rainbow (3.0.0)
    rake (13.0.1)
    retriable (3.1.1)
    sawyer (0.8.1)
      addressable (>= 2.3.5, < 2.6)
      faraday (~> 0.8, < 1.0)
    text (1.3.1)
    thor (0.19.4)
    thread_safe (0.3.6)
    tzinfo (1.2.7)
      thread_safe (~> 0.1)
    zeitwerk (2.3.0)

PLATFORMS
  ruby

DEPENDENCIES
  clamp
  foreman
  gettext
  github_changelog_generator (~> 1.15.0.pre.rc)
  paint

BUNDLED WITH
   1.16.1
