GIT
  remote: https://github.com/ManifoldScholar/fast_jsonapi.git
  revision: 486d550db98d15f9b6daed70ff90fc0d6d34f3a2
  branch: master
  specs:
    fast_jsonapi (1.6.0)
      activesupport (>= 4.2)

GIT
  remote: https://github.com/steveklabnik/metadown.git
  revision: 34b79ad7e0bdf560ce13e384caa1626569397798
  tag: v1.1.0.beta
  specs:
    metadown (1.1.0.beta)
      redcarpet

GEM
  remote: https://rubygems.org/
  specs:
    aasm (4.12.3)
      concurrent-ruby (~> 1.0)
    actioncable (6.1.7.3)
      actionpack (= 6.1.7.3)
      activesupport (= 6.1.7.3)
      nio4r (~> 2.0)
      websocket-driver (>= 0.6.1)
    actionmailbox (6.1.7.3)
      actionpack (= 6.1.7.3)
      activejob (= 6.1.7.3)
      activerecord (= 6.1.7.3)
      activestorage (= 6.1.7.3)
      activesupport (= 6.1.7.3)
      mail (>= 2.7.1)
    actionmailer (6.1.7.3)
      actionpack (= 6.1.7.3)
      actionview (= 6.1.7.3)
      activejob (= 6.1.7.3)
      activesupport (= 6.1.7.3)
      mail (~> 2.5, >= 2.5.4)
      rails-dom-testing (~> 2.0)
    actionpack (6.1.7.3)
      actionview (= 6.1.7.3)
      activesupport (= 6.1.7.3)
      rack (~> 2.0, >= 2.0.9)
      rack-test (>= 0.6.3)
      rails-dom-testing (~> 2.0)
      rails-html-sanitizer (~> 1.0, >= 1.2.0)
    actiontext (6.1.7.3)
      actionpack (= 6.1.7.3)
      activerecord (= 6.1.7.3)
      activestorage (= 6.1.7.3)
      activesupport (= 6.1.7.3)
      nokogiri (>= 1.8.5)
    actionview (6.1.7.3)
      activesupport (= 6.1.7.3)
      builder (~> 3.1)
      erubi (~> 1.4)
      rails-dom-testing (~> 2.0)
      rails-html-sanitizer (~> 1.1, >= 1.2.0)
    active_interaction (4.1.0)
      activemodel (>= 5, < 8)
      activesupport (>= 5, < 8)
    active_record_upsert (0.11.1)
      activerecord (>= 5.2, < 7.1)
      pg (>= 0.18, < 2.0)
    activejob (6.1.7.3)
      activesupport (= 6.1.7.3)
      globalid (>= 0.3.6)
    activejob-retry (0.6.3)
      activejob (>= 4.2)
      activesupport (>= 4.2)
    activejob-traffic_control (0.1.3)
      activejob (>= 4.2)
      activesupport (>= 4.2)
      suo
    activejob-uniqueness (0.2.5)
      activejob (>= 4.2, < 7.1)
      redlock (>= 1.2, < 2)
    activemodel (6.1.7.3)
      activesupport (= 6.1.7.3)
    activemodel-serializers-xml (1.0.2)
      activemodel (> 5.x)
      activesupport (> 5.x)
      builder (~> 3.1)
    activerecord (6.1.7.3)
      activemodel (= 6.1.7.3)
      activesupport (= 6.1.7.3)
    activerecord-import (1.4.1)
      activerecord (>= 4.2)
    activerecord-wrapped_transaction (0.9.0)
      activerecord (>= 5, < 7)
    activestorage (6.1.7.3)
      actionpack (= 6.1.7.3)
      activejob (= 6.1.7.3)
      activerecord (= 6.1.7.3)
      activesupport (= 6.1.7.3)
      marcel (~> 1.0)
      mini_mime (>= 1.1.0)
    activesupport (6.1.7.3)
      concurrent-ruby (~> 1.0, >= 1.0.2)
      i18n (>= 1.6, < 2)
      minitest (>= 5.1)
      tzinfo (~> 2.0)
      zeitwerk (~> 2.3)
    acts-as-taggable-on (9.0.1)
      activerecord (>= 6.0, < 7.1)
    acts_as_list (1.1.0)
      activerecord (>= 4.2)
    addressable (2.8.5)
      public_suffix (>= 2.0.2, < 6.0)
    ahoy_matey (4.2.1)
      activesupport (>= 5.2)
      device_detector
      safely_block (>= 0.2.1)
    ast (2.4.2)
    authority (3.3.0)
      activesupport (>= 3.0.0)
    bagit (0.4.6)
      docopt (~> 0.5.0)
      validatable (~> 1.6)
    bcrypt (3.1.19)
    buftok (0.2.0)
    builder (3.2.4)
    byebug (11.1.3)
    charlock_holmes (0.7.7)
    chroma (0.2.0)
    chronic (0.10.2)
    citeproc (1.0.10)
      namae (~> 1.0)
    citeproc-ruby (1.1.14)
      citeproc (~> 1.0, >= 1.0.9)
      csl (~> 1.6)
    classy_enum (4.0.0)
      activerecord (>= 3.2)
    cleanroom (1.0.0)
    climate_control (0.2.0)
    closure_tree (7.4.0)
      activerecord (>= 4.2.10)
      with_advisory_lock (>= 4.0.0)
    coderay (1.1.3)
    concurrent-ruby (1.2.2)
    connection_pool (2.4.1)
    content_disposition (1.0.0)
    crack (0.4.5)
      rexml
    crass (1.0.6)
    csl (1.6.0)
      namae (~> 1.0)
      rexml
    csl-styles (1.0.1.11)
      csl (~> 1.0)
    css_parser (1.14.0)
      addressable
    cssbeautify (0.2.0)
    dalli (2.7.11)
    data_uri (0.1.0)
    database_cleaner-active_record (2.1.0)
      activerecord (>= 5.a)
      database_cleaner-core (~> 2.0.0)
    database_cleaner-core (2.0.1)
    database_cleaner-redis (2.0.0)
      database_cleaner-core (~> 2.0.0)
      redis
    date (3.3.3)
    debase (0.2.4.1)
      debase-ruby_core_source (>= 0.10.2)
    debase-ruby_core_source (3.2.1)
    declarative (0.0.20)
    device_detector (1.0.7)
    diff-lcs (1.5.0)
    digest-crc (0.6.5)
      rake (>= 12.0.0, < 14.0.0)
    docile (1.4.0)
    docopt (0.5.0)
    domain_name (0.5.20190701)
      unf (>= 0.0.5, < 1.0.0)
    dotenv (2.8.1)
    dotenv-rails (2.8.1)
      dotenv (= 2.8.1)
      railties (>= 3.2)
    down (5.4.1)
      addressable (~> 2.8)
    draper (3.1.0)
      actionpack (>= 5.0)
      activemodel (>= 5.0)
      activemodel-serializers-xml (>= 1.0)
      activesupport (>= 5.0)
      request_store (>= 1.0)
    dry-auto_inject (1.0.1)
      dry-core (~> 1.0)
      zeitwerk (~> 2.6)
    dry-configurable (1.0.1)
      dry-core (~> 1.0, < 2)
      zeitwerk (~> 2.6)
    dry-core (1.0.0)
      concurrent-ruby (~> 1.0)
      zeitwerk (~> 2.6)
    dry-effects (0.4.0)
      concurrent-ruby (~> 1.0)
      dry-core (~> 1.0)
      dry-inflector (~> 1.0)
      dry-initializer (~> 3.0)
      zeitwerk (~> 2.6)
    dry-equalizer (0.3.0)
    dry-events (1.0.1)
      concurrent-ruby (~> 1.0)
      dry-core (~> 1.0, < 2)
    dry-inflector (1.0.0)
    dry-initializer (3.1.1)
    dry-initializer-rails (3.1.1)
      dry-initializer (>= 2.4, < 4)
      rails (> 3.0)
    dry-logic (1.5.0)
      concurrent-ruby (~> 1.0)
      dry-core (~> 1.0, < 2)
      zeitwerk (~> 2.6)
    dry-matcher (0.10.0)
      dry-core (~> 1.0)
    dry-monads (1.6.0)
      concurrent-ruby (~> 1.0)
      dry-core (~> 1.0, < 2)
      zeitwerk (~> 2.6)
    dry-rails (0.7.0)
      dry-schema (~> 1.7)
      dry-system (~> 1.0, < 2)
      dry-validation (~> 1.5)
    dry-schema (1.13.3)
      concurrent-ruby (~> 1.0)
      dry-configurable (~> 1.0, >= 1.0.1)
      dry-core (~> 1.0, < 2)
      dry-initializer (~> 3.0)
      dry-logic (>= 1.4, < 2)
      dry-types (>= 1.7, < 2)
      zeitwerk (~> 2.6)
    dry-struct (1.6.0)
      dry-core (~> 1.0, < 2)
      dry-types (>= 1.7, < 2)
      ice_nine (~> 0.11)
      zeitwerk (~> 2.6)
    dry-system (1.0.1)
      dry-auto_inject (~> 1.0, < 2)
      dry-configurable (~> 1.0, < 2)
      dry-core (~> 1.0, < 2)
      dry-inflector (~> 1.0, < 2)
    dry-transaction (0.15.0)
      dry-core (~> 1.0)
      dry-events (~> 1.0)
      dry-matcher (~> 0.10)
      dry-monads (~> 1.6)
    dry-types (1.7.1)
      concurrent-ruby (~> 1.0)
      dry-core (~> 1.0)
      dry-inflector (~> 1.0)
      dry-logic (~> 1.4)
      zeitwerk (~> 2.6)
    dry-validation (1.10.0)
      concurrent-ruby (~> 1.0)
      dry-core (~> 1.0, < 2)
      dry-initializer (~> 3.0)
      dry-schema (>= 1.12, < 2)
      zeitwerk (~> 2.6)
    dux (0.8.0)
      yard_types
    elasticsearch (7.17.9)
      elasticsearch-api (= 7.17.9)
      elasticsearch-transport (= 7.17.9)
    elasticsearch-api (7.17.9)
      multi_json
    elasticsearch-dsl (0.1.10)
    elasticsearch-transport (7.17.9)
      faraday (~> 1)
      multi_json
    equalizer (0.0.11)
    errbase (0.2.2)
    erubi (1.12.0)
    factory_bot (6.2.1)
      activesupport (>= 5.0.0)
    factory_bot_rails (6.2.0)
      factory_bot (~> 6.2.0)
      railties (>= 5.0.0)
    faker (3.2.1)
      i18n (>= 1.8.11, < 2)
    faraday (1.10.3)
      faraday-em_http (~> 1.0)
      faraday-em_synchrony (~> 1.0)
      faraday-excon (~> 1.1)
      faraday-httpclient (~> 1.0)
      faraday-multipart (~> 1.0)
      faraday-net_http (~> 1.0)
      faraday-net_http_persistent (~> 1.0)
      faraday-patron (~> 1.0)
      faraday-rack (~> 1.0)
      faraday-retry (~> 1.0)
      ruby2_keywords (>= 0.0.4)
    faraday-em_http (1.0.0)
    faraday-em_synchrony (1.0.0)
    faraday-excon (1.1.0)
    faraday-httpclient (1.0.1)
    faraday-multipart (1.0.4)
      multipart-post (~> 2)
    faraday-net_http (1.0.1)
    faraday-net_http_persistent (1.2.0)
    faraday-patron (1.0.0)
    faraday-rack (1.0.0)
    faraday-retry (1.0.3)
    ffi (1.16.2)
    ffi-compiler (1.0.1)
      ffi (>= 1.0.0)
      rake
    filesize (0.2.0)
    format_engine (0.7.10)
    friendly_id (5.5.0)
      activerecord (>= 4.0.0)
    fuzzy_match (2.1.0)
    gems (1.2.0)
    geocoder (1.8.2)
    gepub (1.0.15)
      nokogiri (>= 1.8.2, < 2.0)
      rubyzip (> 1.1.1, < 2.4)
    globalid (1.2.1)
      activesupport (>= 6.1)
    google-api-client (0.53.0)
      google-apis-core (~> 0.1)
      google-apis-generator (~> 0.1)
    google-apis-core (0.11.1)
      addressable (~> 2.5, >= 2.5.1)
      googleauth (>= 0.16.2, < 2.a)
      httpclient (>= 2.8.1, < 3.a)
      mini_mime (~> 1.0)
      representable (~> 3.0)
      retriable (>= 2.0, < 4.a)
      rexml
      webrick
    google-apis-discovery_v1 (0.14.0)
      google-apis-core (>= 0.11.0, < 2.a)
    google-apis-drive_v3 (0.44.0)
      google-apis-core (>= 0.11.0, < 2.a)
    google-apis-generator (0.12.0)
      activesupport (>= 5.0)
      gems (~> 1.2)
      google-apis-core (>= 0.11.0, < 2.a)
      google-apis-discovery_v1 (~> 0.5)
      thor (>= 0.20, < 2.a)
    google-apis-iamcredentials_v1 (0.17.0)
      google-apis-core (>= 0.11.0, < 2.a)
    google-apis-sheets_v4 (0.26.0)
      google-apis-core (>= 0.11.0, < 2.a)
    google-apis-storage_v1 (0.19.0)
      google-apis-core (>= 0.9.0, < 2.a)
    google-cloud-core (1.6.0)
      google-cloud-env (~> 1.0)
      google-cloud-errors (~> 1.0)
    google-cloud-env (1.6.0)
      faraday (>= 0.17.3, < 3.0)
    google-cloud-errors (1.3.1)
    google-cloud-storage (1.44.0)
      addressable (~> 2.8)
      digest-crc (~> 0.4)
      google-apis-iamcredentials_v1 (~> 0.1)
      google-apis-storage_v1 (~> 0.19.0)
      google-cloud-core (~> 1.6)
      googleauth (>= 0.16.2, < 2.a)
      mini_mime (~> 1.0)
    google_drive (3.0.7)
      google-apis-drive_v3 (>= 0.5.0, < 1.0.0)
      google-apis-sheets_v4 (>= 0.4.0, < 1.0.0)
      googleauth (>= 0.5.0, < 1.0.0)
      nokogiri (>= 1.5.3, < 2.0.0)
    googleauth (0.17.1)
      faraday (>= 0.17.3, < 2.0)
      jwt (>= 1.4, < 3.0)
      memoist (~> 0.16)
      multi_json (~> 1.11)
      os (>= 0.9, < 2.0)
      signet (~> 0.15)
    has_scope (0.8.1)
      actionpack (>= 5.2)
      activesupport (>= 5.2)
    hashdiff (1.0.1)
    hashie (3.6.0)
    htmlentities (4.3.4)
    http (4.4.1)
      addressable (~> 2.3)
      http-cookie (~> 1.0)
      http-form_data (~> 2.2)
      http-parser (~> 1.2.0)
    http-cookie (1.0.5)
      domain_name (~> 0.5)
    http-form_data (2.3.0)
    http-parser (1.2.3)
      ffi-compiler (>= 1.0, < 2.0)
    http_parser.rb (0.6.0)
    httparty (0.21.0)
      mini_mime (>= 1.0.0)
      multi_xml (>= 0.5.2)
    httpclient (2.8.3)
    i18n (1.14.1)
      concurrent-ruby (~> 1.0)
    ice_nine (0.11.2)
    image_processing (1.12.2)
      mini_magick (>= 4.9.5, < 5)
      ruby-vips (>= 2.0.17, < 3)
    json-schema (3.0.0)
      addressable (>= 2.8)
    jsonb_accessor (1.3.10)
      activerecord (>= 5.0)
      activesupport (>= 5.0)
      pg (>= 0.18.1)
    jwt (1.5.6)
    kaminari (1.2.2)
      activesupport (>= 4.1.0)
      kaminari-actionview (= 1.2.2)
      kaminari-activerecord (= 1.2.2)
      kaminari-core (= 1.2.2)
    kaminari-actionview (1.2.2)
      actionview
      kaminari-core (= 1.2.2)
    kaminari-activerecord (1.2.2)
      activerecord
      kaminari-core (= 1.2.2)
    kaminari-core (1.2.2)
    keyword_search (1.5.0)
    listen (3.8.0)
      rb-fsevent (~> 0.10, >= 0.10.3)
      rb-inotify (~> 0.9, >= 0.9.10)
    lockbox (1.3.0)
    lograge (0.13.0)
      actionpack (>= 4)
      activesupport (>= 4)
      railties (>= 4)
      request_store (~> 1.0)
    loofah (2.21.3)
      crass (~> 1.0.2)
      nokogiri (>= 1.12.0)
    macaddr (1.7.2)
      systemu (~> 2.6.5)
    mail (2.8.1)
      mini_mime (>= 0.1.1)
      net-imap
      net-pop
      net-smtp
    marcel (1.0.2)
    maxminddb (0.1.22)
    memoist (0.16.2)
    memoizable (0.4.2)
      thread_safe (~> 0.3, >= 0.3.1)
    method_source (1.0.0)
    mime-types (3.5.1)
      mime-types-data (~> 3.2015)
    mime-types-data (3.2023.0808)
    mini_magick (4.12.0)
    mini_mime (1.1.5)
    mini_portile2 (2.8.4)
    minitest (5.20.0)
    money (6.16.0)
      i18n (>= 0.6.4, <= 2)
    msgpack (1.7.2)
    multi_json (1.15.0)
    multi_xml (0.6.0)
    multipart-post (2.3.0)
    mustermann (2.0.2)
      ruby2_keywords (~> 0.0.1)
    namae (1.1.1)
    naught (1.1.0)
    net-imap (0.3.7)
      date
      net-protocol
    net-pop (0.1.2)
      net-protocol
    net-protocol (0.2.1)
      timeout
    net-sftp (2.1.2)
      net-ssh (>= 2.6.5)
    net-smtp (0.4.0)
      net-protocol
    net-ssh (5.2.0)
    nio4r (2.5.9)
    nokogiri (1.15.4)
      mini_portile2 (~> 2.8.2)
      racc (~> 1.4)
    oauth (1.1.0)
      oauth-tty (~> 1.0, >= 1.0.1)
      snaky_hash (~> 2.0)
      version_gem (~> 1.1)
    oauth-tty (1.0.5)
      version_gem (~> 1.1, >= 1.1.1)
    oauth2 (1.4.11)
      faraday (>= 0.17.3, < 3.0)
      jwt (>= 1.0, < 3.0)
      multi_json (~> 1.3)
      multi_xml (~> 0.5)
      rack (>= 1.2, < 4)
    oj (3.16.1)
    omniauth (2.0.4)
      hashie (>= 3.4.6)
      rack (>= 1.6.2, < 3)
      rack-protection
    omniauth-facebook (4.0.0)
      omniauth-oauth2 (~> 1.2)
    omniauth-google-oauth2 (0.5.4)
      jwt (>= 1.5)
      omniauth (>= 1.1.1)
      omniauth-oauth2 (>= 1.5)
    omniauth-oauth (1.2.0)
      oauth
      omniauth (>= 1.0, < 3)
    omniauth-oauth2 (1.8.0)
      oauth2 (>= 1.4, < 3)
      omniauth (~> 2.0)
    omniauth-twitter (1.4.0)
      omniauth-oauth (~> 1.1)
      rack
    os (1.1.4)
    paleta (0.3.0)
    pandoc-ruby (2.1.7)
    paper_trail (14.0.0)
      activerecord (>= 6.0)
      request_store (~> 1.4)
    paper_trail-association_tracking (2.2.1)
      paper_trail (>= 12.0)
    paper_trail-globalid (0.2.0)
      globalid
      paper_trail (>= 3.0.0)
    parallel (1.23.0)
    parallel_tests (2.29.2)
      parallel
    parser (3.2.2.3)
      ast (~> 2.4.1)
      racc
    pg (1.5.4)
    premailer (1.21.0)
      addressable
      css_parser (>= 1.12.0)
      htmlentities (>= 4.0.0)
    premailer-rails (1.12.0)
      actionmailer (>= 3)
      net-smtp
      premailer (~> 1.7, >= 1.7.9)
    pry (0.14.2)
      coderay (~> 1.1)
      method_source (~> 1.0)
    pry-rails (0.3.9)
      pry (>= 0.10.4)
    public_suffix (5.0.3)
    puma (6.4.0)
      nio4r (~> 2.0)
    racc (1.7.1)
    rack (2.2.8)
    rack-attack (6.7.0)
      rack (>= 1.0, < 4)
    rack-cors (1.1.1)
      rack (>= 2.0.0)
    rack-protection (2.2.4)
      rack
    rack-test (2.1.0)
      rack (>= 1.3)
    rails (6.1.7.3)
      actioncable (= 6.1.7.3)
      actionmailbox (= 6.1.7.3)
      actionmailer (= 6.1.7.3)
      actionpack (= 6.1.7.3)
      actiontext (= 6.1.7.3)
      actionview (= 6.1.7.3)
      activejob (= 6.1.7.3)
      activemodel (= 6.1.7.3)
      activerecord (= 6.1.7.3)
      activestorage (= 6.1.7.3)
      activesupport (= 6.1.7.3)
      bundler (>= 1.15.0)
      railties (= 6.1.7.3)
      sprockets-rails (>= 2.0.0)
    rails-dom-testing (2.2.0)
      activesupport (>= 5.0.0)
      minitest
      nokogiri (>= 1.6)
    rails-html-sanitizer (1.6.0)
      loofah (~> 2.21)
      nokogiri (~> 1.14)
    railties (6.1.7.3)
      actionpack (= 6.1.7.3)
      activesupport (= 6.1.7.3)
      method_source
      rake (>= 12.2)
      thor (~> 1.0)
    rainbow (3.1.1)
    rake (13.0.6)
    rb-fsevent (0.11.2)
    rb-inotify (0.10.1)
      ffi (~> 1.0)
    redcarpet (3.6.0)
    redis (4.5.1)
    redis-namespace (1.11.0)
      redis (>= 4)
    redis-objects (1.7.0)
      redis
    redlock (1.3.2)
      redis (>= 3.0.0, < 6.0)
    regexp_parser (2.8.1)
    representable (3.2.0)
      declarative (< 0.1.0)
      trailblazer-option (>= 0.1.1, < 0.2.0)
      uber (< 0.2.0)
    request_store (1.5.1)
      rack (>= 1.4)
    retriable (3.1.2)
    rexml (3.2.6)
    roda (3.72.0)
      rack
    rolify (5.3.0)
    rspec-collection_matchers (1.2.1)
      rspec-expectations (>= 2.99.0.beta1)
    rspec-core (3.12.2)
      rspec-support (~> 3.12.0)
    rspec-expectations (3.12.3)
      diff-lcs (>= 1.2.0, < 2.0)
      rspec-support (~> 3.12.0)
    rspec-its (1.3.0)
      rspec-core (>= 3.0.0)
      rspec-expectations (>= 3.0.0)
    rspec-json_expectations (2.2.0)
    rspec-mocks (3.12.6)
      diff-lcs (>= 1.2.0, < 2.0)
      rspec-support (~> 3.12.0)
    rspec-rails (5.1.2)
      actionpack (>= 5.2)
      activesupport (>= 5.2)
      railties (>= 5.2)
      rspec-core (~> 3.10)
      rspec-expectations (~> 3.10)
      rspec-mocks (~> 3.10)
      rspec-support (~> 3.10)
    rspec-retry (0.6.2)
      rspec-core (> 3.3)
    rspec-support (3.12.1)
    rswag (2.10.1)
      rswag-api (= 2.10.1)
      rswag-specs (= 2.10.1)
      rswag-ui (= 2.10.1)
    rswag-api (2.10.1)
      railties (>= 3.1, < 7.1)
    rswag-specs (2.10.1)
      activesupport (>= 3.1, < 7.1)
      json-schema (>= 2.2, < 4.0)
      railties (>= 3.1, < 7.1)
      rspec-core (>= 2.14)
    rswag-ui (2.10.1)
      actionpack (>= 3.1, < 7.1)
      railties (>= 3.1, < 7.1)
    rubocop (0.93.1)
      parallel (~> 1.10)
      parser (>= 2.7.1.5)
      rainbow (>= 2.2.2, < 4.0)
      regexp_parser (>= 1.8)
      rexml
      rubocop-ast (>= 0.6.0)
      ruby-progressbar (~> 1.7)
      unicode-display_width (>= 1.4.0, < 2.0)
    rubocop-ast (1.29.0)
      parser (>= 3.2.1.0)
    rubocop-rspec (1.44.1)
      rubocop (~> 0.87)
      rubocop-ast (>= 0.7.1)
    ruby-debug-ide (0.7.3)
      rake (>= 0.8.1)
    ruby-progressbar (1.13.0)
    ruby-vips (2.1.4)
      ffi (~> 1.12)
    ruby2_keywords (0.0.5)
    rubyzip (2.3.2)
    safely_block (0.3.0)
      errbase (>= 0.1.1)
    scanf (1.0.0)
    scenic (1.7.0)
      activerecord (>= 4.0.0)
      railties (>= 4.0.0)
    searchkick (5.2.4)
      activemodel (>= 5.2)
      hashie
    shrine (3.5.0)
      content_disposition (~> 1.0)
      down (~> 5.1)
    shrine-google_cloud_storage (3.3.0)
      addressable
      google-cloud-storage (~> 1.6)
      shrine (~> 3.0)
    shrine-tus (2.1.1)
      shrine (~> 3.2)
      shrine-url (~> 2.4)
      tus-server (~> 2.0)
    shrine-url (2.4.1)
      down (~> 5.0)
      http (>= 3.2, < 6)
      shrine (>= 3.0.0.rc, < 4)
    sidekiq (5.2.10)
      connection_pool (~> 2.2, >= 2.2.2)
      rack (~> 2.0)
      rack-protection (>= 1.5.0)
      redis (~> 4.5, < 4.6.0)
    signet (0.18.0)
      addressable (~> 2.8)
      faraday (>= 0.17.5, < 3.a)
      jwt (>= 1.5, < 3.0)
      multi_json (~> 1.10)
    simple_oauth (0.3.1)
    simplecov (0.22.0)
      docile (~> 1.1)
      simplecov-html (~> 0.11)
      simplecov_json_formatter (~> 0.1)
    simplecov-html (0.12.3)
    simplecov_json_formatter (0.1.4)
    sinatra (2.2.4)
      mustermann (~> 2.0)
      rack (~> 2.2)
      rack-protection (= 2.2.4)
      tilt (~> 2.0)
    snaky_hash (2.0.1)
      hashie
      version_gem (~> 1.1, >= 1.1.1)
    spring (4.1.1)
    spring-commands-rspec (1.0.4)
      spring (>= 0.9.1)
    spring-watcher-listen (2.1.0)
      listen (>= 2.7, < 4.0)
      spring (>= 4)
    sprockets (4.2.1)
      concurrent-ruby (~> 1.0)
      rack (>= 2.2.4, < 4)
    sprockets-rails (3.4.2)
      actionpack (>= 5.2)
      activesupport (>= 5.2)
      sprockets (>= 3.0.0)
    statesman (3.5.0)
    statesman-events (0.0.1)
      statesman (>= 1.3)
    store_model (2.2.0)
      activerecord (>= 5.2)
    strip_attributes (1.13.0)
      activemodel (>= 3.0, < 8.0)
    suo (0.4.0)
      dalli
      msgpack
      redis
    systemu (2.6.5)
    terminal-table (3.0.2)
      unicode-display_width (>= 1.1.1, < 3)
    terrapin (0.6.0)
      climate_control (>= 0.0.3, < 1.0)
    test-prof (1.2.3)
    thor (1.2.2)
    thread_safe (0.3.6)
    tilt (2.3.0)
    timecop (0.9.8)
    timeout (0.4.0)
    trailblazer-option (0.1.2)
    tus-server (2.3.0)
      content_disposition (~> 1.0)
      roda (>= 2.27, < 4)
    twitter (7.0.0)
      addressable (~> 2.3)
      buftok (~> 0.2.0)
      equalizer (~> 0.0.11)
      http (~> 4.0)
      http-form_data (~> 2.0)
      http_parser.rb (~> 0.6.0)
      memoizable (~> 0.4.0)
      multipart-post (~> 2.0)
      naught (~> 1.0)
      simple_oauth (~> 0.3.0)
    tzinfo (2.0.6)
      concurrent-ruby (~> 1.0)
    uber (0.1.0)
    unf (0.1.4)
      unf_ext
    unf_ext (0.0.8.2)
    unicode (0.4.4.4)
    unicode-display_width (1.8.0)
    uuid (2.3.9)
      macaddr (~> 1.0)
    validatable (1.6.7)
    validate_url (1.0.15)
      activemodel (>= 3.0.0)
      public_suffix
    validates_email_format_of (1.7.2)
      i18n
    version_gem (1.1.3)
    webmock (3.19.1)
      addressable (>= 2.8.0)
      crack (>= 0.3.2)
      hashdiff (>= 0.4.0, < 2.0.0)
    webrick (1.8.1)
    websocket-driver (0.7.6)
      websocket-extensions (>= 0.1.0)
    websocket-extensions (0.1.5)
    with_advisory_lock (4.6.0)
      activerecord (>= 4.2)
    with_model (2.1.7)
      activerecord (>= 6.0)
    yard_types (0.2.0)
    zaru (1.0.0)
    zeitwerk (2.6.12)
    zhong (0.3.0)
      activesupport
      redis
      suo
      tzinfo

PLATFORMS
  ruby

DEPENDENCIES
  aasm (~> 4.0)
  active_interaction (~> 4.0)
  active_record_upsert (~> 0.11.1)
  activejob-retry (~> 0.4)
  activejob-traffic_control (~> 0.1.0)
  activejob-uniqueness (~> 0.2.4)
  activerecord-import (~> 1.4.1)
  activerecord-wrapped_transaction (~> 0.9.0)
  acts-as-taggable-on (~> 9.0)
  acts_as_list (~> 1.1.0)
  ahoy_matey (~> 4.2.1)
  authority (~> 3.3.0)
  bagit (~> 0.4.3)
  bcrypt (~> 3.0)
  byebug
  charlock_holmes (~> 0.7)
  chroma (~> 0.2)
  chronic
  citeproc-ruby (~> 1.1.0)
  classy_enum (~> 4.0.0)
  cleanroom
  closure_tree (~> 7.0)
  crass (~> 1.0.5)
  csl-styles (~> 1.0)
  css_parser (~> 1.0)
  cssbeautify
  dalli (= 2.7.11)
  data_uri (~> 0.1.0)
  database_cleaner-active_record (~> 2.1.0)
  database_cleaner-redis (~> 2.0)
  debase
  dotenv-rails (~> 2.0)
  draper (~> 3.1)
  dry-effects
  dry-equalizer
  dry-initializer
  dry-initializer-rails
  dry-monads
  dry-rails
  dry-struct
  dry-system
  dry-transaction
  dry-types
  dry-validation
  dux (~> 0.8.0)
  elasticsearch (~> 7.0)
  elasticsearch-dsl (~> 0.1.10)
  equalizer
  factory_bot_rails (~> 6.2)
  faker (~> 3.2.1)
  fast_jsonapi!
  filesize (~> 0.1)
  format_engine (~> 0.7.7)
  friendly_id (~> 5.0)
  fuzzy_match (~> 2.1.0)
  geocoder (= 1.8.2)
  gepub (~> 1.0.4)
  google-api-client (~> 0.53.0)
  google_drive (~> 3.0)
  has_scope (~> 0.8.1)
  hashie (~> 3.0)
  httparty (~> 0.21.0)
  image_processing (~> 1.12)
  jsonb_accessor (~> 1.0)
  jwt (~> 1.5)
  kaminari (~> 1.2)
  keyword_search (~> 1.5)
  listen (~> 3.2)
  lockbox (~> 1.3.0)
  lograge (~> 0.10)
  marcel (~> 1.0.0)
  maxminddb
  memoist (~> 0.16.0)
  metadown!
  mime-types (~> 3.3)
  money (~> 6.0)
  namae (~> 1.0)
  naught (~> 1.0)
  net-sftp (~> 2.1.2)
  net-ssh (~> 5.2.0)
  nokogiri (~> 1.15.4)
  oauth2 (~> 1.3)
  oj (~> 3.16)
  omniauth (~> 2.0.0)
  omniauth-facebook (~> 4.0.0)
  omniauth-google-oauth2 (~> 0.4)
  omniauth-twitter (~> 1.4.0)
  paleta (~> 0.3.0)
  pandoc-ruby (~> 2.0)
  paper_trail (~> 14.0)
  paper_trail-association_tracking (~> 2.2.1)
  paper_trail-globalid (~> 0.2)
  parallel_tests (~> 2.29.2)
  pg (~> 1.2)
  premailer-rails (~> 1.0)
  pry-rails (~> 0.3.9)
  puma (~> 6.4)
  rack (>= 2.0.6)
  rack-attack (~> 6.7.0)
  rack-cors (~> 1.0)
  rails (~> 6.1.7.3)
  rainbow (~> 3.0)
  redcarpet (~> 3.5)
  redis (~> 4.5)
  redis-namespace (~> 1.0)
  redis-objects (~> 1.4)
  rolify (~> 5.1)
  rspec-collection_matchers (~> 1.2.0)
  rspec-core (~> 3.12)
  rspec-expectations (~> 3.12.0)
  rspec-its
  rspec-json_expectations (~> 2.0)
  rspec-mocks (~> 3.0)
  rspec-rails (< 6)
  rspec-retry (~> 0.6.2)
  rspec-support (~> 3.0)
  rswag (~> 2.0)
  rubocop (~> 0.60)
  rubocop-rspec (~> 1.32)
  ruby-debug-ide
  rubyzip (~> 2.3.1)
  scanf (~> 1.0.0)
  scenic (~> 1.4)
  searchkick (= 5.2.4)
  shrine (~> 3.5.0)
  shrine-google_cloud_storage (~> 3.3)
  shrine-tus (~> 2.0)
  sidekiq (< 6)
  signet (~> 0.10)
  simplecov
  sinatra (~> 2.2)
  spring
  spring-commands-rspec (~> 1.0.4)
  spring-watcher-listen (~> 2.1.0)
  statesman (~> 3.4)
  statesman-events (~> 0.0.1)
  store_model (~> 2.2.0)
  strip_attributes (~> 1.13.0)
  terminal-table (~> 3.0.2)
  terrapin (~> 0.6.0)
  test-prof (~> 1.0)
  timecop (~> 0.9)
  tus-server (~> 2.0)
  twitter (~> 7.0)
  uber (~> 0.1.0)
  unicode (~> 0.4)
  uuid (~> 2.3)
  validate_url (~> 1.0)
  validates_email_format_of (~> 1.0)
  webmock (~> 3.0)
  with_advisory_lock (~> 4.0)
  with_model (~> 2.1)
  zaru (~> 1.0.0)
  zhong (~> 0.3)

BUNDLED WITH
   2.2.19
