GIT
  remote: https://github.com/steveklabnik/metadown.git
  revision: 34b79ad7e0bdf560ce13e384caa1626569397798
  tag: v1.1.0.beta
  specs:
    metadown (1.1.0.beta)
      redcarpet

GEM
  remote: https://rubygems.org/
  specs:
    aasm (4.12.3)
      concurrent-ruby (~> 1.0)
    actioncable (5.2.3)
      actionpack (= 5.2.3)
      nio4r (~> 2.0)
      websocket-driver (>= 0.6.1)
    actionmailer (5.2.3)
      actionpack (= 5.2.3)
      actionview (= 5.2.3)
      activejob (= 5.2.3)
      mail (~> 2.5, >= 2.5.4)
      rails-dom-testing (~> 2.0)
    actionpack (5.2.3)
      actionview (= 5.2.3)
      activesupport (= 5.2.3)
      rack (~> 2.0)
      rack-test (>= 0.6.3)
      rails-dom-testing (~> 2.0)
      rails-html-sanitizer (~> 1.0, >= 1.0.2)
    actionview (5.2.3)
      activesupport (= 5.2.3)
      builder (~> 3.1)
      erubi (~> 1.4)
      rails-dom-testing (~> 2.0)
      rails-html-sanitizer (~> 1.0, >= 1.0.3)
    active_interaction (3.7.1)
      activemodel (>= 4, < 7)
    active_model_serializers (0.10.10)
      actionpack (>= 4.1, < 6.1)
      activemodel (>= 4.1, < 6.1)
      case_transform (>= 0.2)
      jsonapi-renderer (>= 0.1.1.beta1, < 0.3)
    activejob (5.2.3)
      activesupport (= 5.2.3)
      globalid (>= 0.3.6)
    activejob-retry (0.6.3)
      activejob (>= 4.2)
      activesupport (>= 4.2)
    activejob-traffic_control (0.1.3)
      activejob (>= 4.2)
      activesupport (>= 4.2)
      suo
    activemodel (5.2.3)
      activesupport (= 5.2.3)
    activemodel-serializers-xml (1.0.2)
      activemodel (> 5.x)
      activesupport (> 5.x)
      builder (~> 3.1)
    activerecord (5.2.3)
      activemodel (= 5.2.3)
      activesupport (= 5.2.3)
      arel (>= 9.0)
    activerecord-import (0.22.0)
      activerecord (>= 3.2)
    activerecord-wrapped_transaction (0.5.1)
      activerecord (>= 3.2, < 6)
    activestorage (5.2.3)
      actionpack (= 5.2.3)
      activerecord (= 5.2.3)
      marcel (~> 0.3.1)
    activesupport (5.2.3)
      concurrent-ruby (~> 1.0, >= 1.0.2)
      i18n (>= 0.7, < 2)
      minitest (~> 5.1)
      tzinfo (~> 1.1)
    acts-as-taggable-on (6.0.0)
      activerecord (~> 5.0)
    acts_as_list (0.9.19)
      activerecord (>= 3.0)
    addressable (2.7.0)
      public_suffix (>= 2.0.2, < 5.0)
    arel (9.0.0)
    ast (2.4.0)
    authority (3.3.0)
      activesupport (>= 3.0.0)
    bcrypt (3.1.13)
    buftok (0.2.0)
    builder (3.2.3)
    case_transform (0.2)
      activesupport
    charlock_holmes (0.7.6)
    chroma (0.2.0)
    citeproc (1.0.9)
      namae (~> 1.0)
    citeproc-ruby (1.1.10)
      citeproc (~> 1.0, >= 1.0.9)
      csl (~> 1.5)
    classy_enum (4.0.0)
      activerecord (>= 3.2)
    cleanroom (1.0.0)
    clockwork (2.0.4)
      activesupport
      tzinfo
    closure_tree (7.0.0)
      activerecord (>= 4.2.10)
      with_advisory_lock (>= 4.0.0)
    coderay (1.1.2)
    colorize (0.8.1)
    concurrent-ruby (1.1.5)
    connection_pool (2.2.2)
    content_disposition (1.0.0)
    crack (0.4.3)
      safe_yaml (~> 1.0.0)
    crass (1.0.4)
    csl (1.5.0)
      namae (~> 1.0)
    csl-styles (1.0.1.9)
      csl (~> 1.0)
    css_parser (1.7.0)
      addressable
    cssbeautify (0.2.0)
    dalli (2.7.10)
    data_uri (0.1.0)
    database_cleaner (1.7.0)
    declarative (0.0.10)
    declarative-option (0.1.0)
    diff-lcs (1.3)
    docile (1.3.2)
    domain_name (0.5.20190701)
      unf (>= 0.0.5, < 1.0.0)
    dotenv (2.7.5)
    dotenv-rails (2.7.5)
      dotenv (= 2.7.5)
      railties (>= 3.2, < 6.1)
    down (4.8.1)
      addressable (~> 2.5)
    draper (3.1.0)
      actionpack (>= 5.0)
      activemodel (>= 5.0)
      activemodel-serializers-xml (>= 1.0)
      activesupport (>= 5.0)
      request_store (>= 1.0)
    dux (0.8.0)
      yard_types
    elasticsearch (5.0.5)
      elasticsearch-api (= 5.0.5)
      elasticsearch-transport (= 5.0.5)
    elasticsearch-api (5.0.5)
      multi_json
    elasticsearch-transport (5.0.5)
      faraday
      multi_json
    equalizer (0.0.11)
    erubi (1.8.0)
    factory_bot (4.11.1)
      activesupport (>= 3.0.0)
    factory_bot_rails (4.11.1)
      factory_bot (~> 4.11.1)
      railties (>= 3.0.0)
    faker (2.2.2)
      i18n (~> 1.6.0)
    faraday (0.11.0)
      multipart-post (>= 1.2, < 3)
    ffi (1.11.1)
    filesize (0.1.1)
    foreman (0.84.0)
      thor (~> 0.19.1)
    friendly_id (5.2.5)
      activerecord (>= 4.0.0)
    fuzzy_match (2.1.0)
    globalid (0.4.2)
      activesupport (>= 4.2.0)
    google-api-client (0.13.6)
      addressable (~> 2.5, >= 2.5.1)
      googleauth (~> 0.5)
      httpclient (>= 2.8.1, < 3.0)
      mime-types (~> 3.0)
      representable (~> 3.0)
      retriable (>= 2.0, < 4.0)
    google_drive (2.1.12)
      google-api-client (>= 0.11.0, < 0.22.0)
      googleauth (>= 0.5.0, < 1.0.0)
      nokogiri (>= 1.5.3, < 2.0.0)
    googleauth (0.5.1)
      faraday (~> 0.9)
      jwt (~> 1.4)
      logging (~> 2.0)
      memoist (~> 0.12)
      multi_json (~> 1.11)
      os (~> 0.9)
      signet (~> 0.7)
    has_scope (0.7.2)
      actionpack (>= 4.1)
      activesupport (>= 4.1)
    hashdiff (1.0.0)
    hashie (3.5.7)
    htmlentities (4.3.4)
    http (3.3.0)
      addressable (~> 2.3)
      http-cookie (~> 1.0)
      http-form_data (~> 2.0)
      http_parser.rb (~> 0.6.0)
    http-cookie (1.0.3)
      domain_name (~> 0.5)
    http-form_data (2.1.1)
    http_parser.rb (0.6.0)
    httparty (0.15.7)
      multi_xml (>= 0.5.2)
    httpclient (2.8.3)
    i18n (1.6.0)
      concurrent-ruby (~> 1.0)
    image_processing (1.9.3)
      mini_magick (>= 4.9.5, < 5)
      ruby-vips (>= 2.0.13, < 3)
    jaro_winkler (1.5.3)
    json (2.2.0)
    json-schema (2.8.1)
      addressable (>= 2.4)
    jsonapi-renderer (0.2.2)
    jsonb_accessor (1.0.0)
      activerecord (>= 5.0)
      activesupport (>= 5.0)
      pg (>= 0.18.1)
    jwt (1.5.6)
    kaminari (1.1.1)
      activesupport (>= 4.1.0)
      kaminari-actionview (= 1.1.1)
      kaminari-activerecord (= 1.1.1)
      kaminari-core (= 1.1.1)
    kaminari-actionview (1.1.1)
      actionview
      kaminari-core (= 1.1.1)
    kaminari-activerecord (1.1.1)
      activerecord
      kaminari-core (= 1.1.1)
    kaminari-core (1.1.1)
    little-plugger (1.1.4)
    logging (2.2.2)
      little-plugger (~> 1.1)
      multi_json (~> 1.10)
    lograge (0.11.2)
      actionpack (>= 4)
      activesupport (>= 4)
      railties (>= 4)
      request_store (~> 1.0)
    loofah (2.2.3)
      crass (~> 1.0.2)
      nokogiri (>= 1.5.9)
    macaddr (1.7.2)
      systemu (~> 2.6.5)
    mail (2.7.1)
      mini_mime (>= 0.1.1)
    marcel (0.3.3)
      mimemagic (~> 0.3.2)
    memoist (0.16.0)
    memoizable (0.4.2)
      thread_safe (~> 0.3, >= 0.3.1)
    method_source (0.9.2)
    mime-types (3.3)
      mime-types-data (~> 3.2015)
    mime-types-data (3.2019.0904)
    mimemagic (0.3.3)
    mini_magick (4.9.5)
    mini_mime (1.0.2)
    mini_portile2 (2.4.0)
    minitest (5.11.3)
    money (6.13.4)
      i18n (>= 0.6.4, <= 2)
    msgpack (1.3.1)
    multi_json (1.13.1)
    multi_xml (0.6.0)
    multipart-post (2.1.1)
    namae (1.0.1)
    naught (1.1.0)
    nio4r (2.5.1)
    nokogiri (1.10.4)
      mini_portile2 (~> 2.4.0)
    oauth (0.5.4)
    oauth2 (1.3.1)
      faraday (>= 0.8, < 0.12)
      jwt (~> 1.0)
      multi_json (~> 1.3)
      multi_xml (~> 0.5)
      rack (>= 1.2, < 3)
    omniauth (1.6.1)
      hashie (>= 3.4.6, < 3.6.0)
      rack (>= 1.6.2, < 3)
    omniauth-facebook (4.0.0)
      omniauth-oauth2 (~> 1.2)
    omniauth-google-oauth2 (0.4.1)
      jwt (~> 1.5.2)
      multi_json (~> 1.3)
      omniauth (>= 1.1.1)
      omniauth-oauth2 (>= 1.3.1)
    omniauth-oauth (1.1.0)
      oauth
      omniauth (~> 1.0)
    omniauth-oauth2 (1.5.0)
      oauth2 (~> 1.1)
      omniauth (~> 1.2)
    omniauth-twitter (1.4.0)
      omniauth-oauth (~> 1.1)
      rack
    os (0.9.6)
    paleta (0.3.0)
    pandoc-ruby (2.0.2)
    paper_trail (10.3.1)
      activerecord (>= 4.2)
      request_store (~> 1.1)
    paper_trail-globalid (0.2.0)
      globalid
      paper_trail (>= 3.0.0)
    parallel (1.17.0)
    parser (2.6.4.0)
      ast (~> 2.4.0)
    pg (0.21.0)
    premailer (1.11.1)
      addressable
      css_parser (>= 1.6.0)
      htmlentities (>= 4.0.0)
    premailer-rails (1.10.3)
      actionmailer (>= 3)
      premailer (~> 1.7, >= 1.7.9)
    pry (0.12.2)
      coderay (~> 1.1.0)
      method_source (~> 0.9.0)
    pry-rails (0.3.9)
      pry (>= 0.10.4)
    pry-remote (0.1.8)
      pry (~> 0.9)
      slop (~> 3.0)
    public_suffix (4.0.1)
    puma (3.12.1)
    rack (2.0.7)
    rack-cors (1.0.3)
    rack-protection (2.0.7)
      rack
    rack-test (1.1.0)
      rack (>= 1.0, < 3)
    rails (5.2.3)
      actioncable (= 5.2.3)
      actionmailer (= 5.2.3)
      actionpack (= 5.2.3)
      actionview (= 5.2.3)
      activejob (= 5.2.3)
      activemodel (= 5.2.3)
      activerecord (= 5.2.3)
      activestorage (= 5.2.3)
      activesupport (= 5.2.3)
      bundler (>= 1.3.0)
      railties (= 5.2.3)
      sprockets-rails (>= 2.0.0)
    rails-dom-testing (2.0.3)
      activesupport (>= 4.2.0)
      nokogiri (>= 1.6)
    rails-html-sanitizer (1.2.0)
      loofah (~> 2.2, >= 2.2.2)
    railties (5.2.3)
      actionpack (= 5.2.3)
      activesupport (= 5.2.3)
      method_source
      rake (>= 0.8.7)
      thor (>= 0.19.0, < 2.0)
    rainbow (2.2.2)
      rake
    rake (12.3.3)
    redcarpet (3.5.0)
    redis (4.1.2)
    redis-actionpack (5.1.0)
      actionpack (>= 4.0, < 7)
      redis-rack (>= 1, < 3)
      redis-store (>= 1.1.0, < 2)
    redis-activesupport (5.2.0)
      activesupport (>= 3, < 7)
      redis-store (>= 1.3, < 2)
    redis-namespace (1.6.0)
      redis (>= 3.0.4)
    redis-objects (1.4.3)
      redis (~> 4.0)
    redis-rack (2.0.5)
      rack (>= 1.5, < 3)
      redis-store (>= 1.2, < 2)
    redis-rails (5.0.2)
      redis-actionpack (>= 5.0, < 6)
      redis-activesupport (>= 5.0, < 6)
      redis-store (>= 1.2, < 2)
    redis-store (1.6.0)
      redis (>= 2.2, < 5)
    representable (3.0.4)
      declarative (< 0.1.0)
      declarative-option (< 0.2.0)
      uber (< 0.2.0)
    request_store (1.4.1)
      rack (>= 1.4)
    retriable (3.1.2)
    roda (3.23.0)
      rack
    rolify (5.2.0)
    rspec-core (3.8.2)
      rspec-support (~> 3.8.0)
    rspec-expectations (3.8.4)
      diff-lcs (>= 1.2.0, < 2.0)
      rspec-support (~> 3.8.0)
    rspec-json_expectations (2.2.0)
    rspec-mocks (3.8.1)
      diff-lcs (>= 1.2.0, < 2.0)
      rspec-support (~> 3.8.0)
    rspec-rails (3.8.2)
      actionpack (>= 3.0)
      activesupport (>= 3.0)
      railties (>= 3.0)
      rspec-core (~> 3.8.0)
      rspec-expectations (~> 3.8.0)
      rspec-mocks (~> 3.8.0)
      rspec-support (~> 3.8.0)
    rspec-support (3.8.2)
    rswag (2.0.5)
      rswag-api (= 2.0.5)
      rswag-specs (= 2.0.5)
      rswag-ui (= 2.0.5)
    rswag-api (2.0.5)
      railties (>= 3.1, < 6.0)
    rswag-specs (2.0.5)
      activesupport (>= 3.1, < 6.0)
      json-schema (~> 2.2)
      railties (>= 3.1, < 6.0)
    rswag-ui (2.0.5)
      actionpack (>= 3.1, < 6.0)
      railties (>= 3.1, < 6.0)
    rubocop (0.74.0)
      jaro_winkler (~> 1.5.1)
      parallel (~> 1.10)
      parser (>= 2.6)
      rainbow (>= 2.2.2, < 4.0)
      ruby-progressbar (~> 1.7)
      unicode-display_width (>= 1.4.0, < 1.7)
    rubocop-rspec (1.35.0)
      rubocop (>= 0.60.0)
    ruby-progressbar (1.10.1)
    ruby-vips (2.0.14)
      ffi (~> 1.9)
    rubyzip (1.3.0)
    safe_yaml (1.0.5)
    scenic (1.5.1)
      activerecord (>= 4.0.0)
      railties (>= 4.0.0)
    searchkick (2.5.0)
      activemodel (>= 4.1)
      elasticsearch (>= 1)
      hashie
    shrine (2.17.1)
      content_disposition (~> 1.0)
      down (~> 4.1)
    shrine-memory (0.3.1)
      shrine (~> 2.2)
    shrine-tus (1.2.3)
      shrine (~> 2.0)
      shrine-url (>= 2.2.1, < 3)
      tus-server (~> 2.0)
    shrine-url (2.2.1)
      down (~> 4.4)
      http (>= 3.2, < 5)
      shrine (>= 2.0)
    sidekiq (5.2.7)
      connection_pool (~> 2.2, >= 2.2.2)
      rack (>= 1.5.0)
      rack-protection (>= 1.5.0)
      redis (>= 3.3.5, < 5)
    signet (0.8.1)
      addressable (~> 2.3)
      faraday (~> 0.9)
      jwt (>= 1.5, < 3.0)
      multi_json (~> 1.10)
    simple_oauth (0.3.1)
    simplecov (0.17.0)
      docile (~> 1.1)
      json (>= 1.8, < 3)
      simplecov-html (~> 0.10.0)
    simplecov-html (0.10.2)
    slop (3.6.0)
    spring (2.1.0)
    spring-commands-rspec (1.0.4)
      spring (>= 0.9.1)
    sprockets (3.7.2)
      concurrent-ruby (~> 1.0)
      rack (> 1, < 3)
    sprockets-rails (3.2.1)
      actionpack (>= 4.0)
      activesupport (>= 4.0)
      sprockets (>= 3.0.0)
    statesman (3.4.1)
    suo (0.3.4)
      dalli
      msgpack
      redis
    systemu (2.6.5)
    thor (0.19.4)
    thread_safe (0.3.6)
    timecop (0.9.1)
    tus-server (2.3.0)
      content_disposition (~> 1.0)
      roda (>= 2.27, < 4)
    twitter (6.2.0)
      addressable (~> 2.3)
      buftok (~> 0.2.0)
      equalizer (~> 0.0.11)
      http (~> 3.0)
      http-form_data (~> 2.0)
      http_parser.rb (~> 0.6.0)
      memoizable (~> 0.4.0)
      multipart-post (~> 2.0)
      naught (~> 1.0)
      simple_oauth (~> 0.3.0)
    tzinfo (1.2.5)
      thread_safe (~> 0.1)
    uber (0.1.0)
    unf (0.1.4)
      unf_ext
    unf_ext (0.0.7.6)
    unicode (0.4.4.4)
    unicode-display_width (1.6.0)
    uuid (2.3.9)
      macaddr (~> 1.0)
    validate_url (1.0.8)
      activemodel (>= 3.0.0)
      public_suffix
    validates_email_format_of (1.6.3)
      i18n
    webmock (3.7.2)
      addressable (>= 2.3.6)
      crack (>= 0.3.2)
      hashdiff (>= 0.4.0, < 2.0.0)
    websocket-driver (0.7.1)
      websocket-extensions (>= 0.1.0)
    websocket-extensions (0.1.4)
    with_advisory_lock (4.0.0)
      activerecord (>= 4.2)
    with_model (2.1.2)
      activerecord (>= 4.2, < 6.0)
    yard_types (0.2.0)

PLATFORMS
  ruby

DEPENDENCIES
  aasm (~> 4.0)
  active_interaction (~> 3.0)
  active_model_serializers (~> 0.10)
  activejob-retry (~> 0.4)
  activejob-traffic_control (~> 0.1.0)
  activerecord-import (~> 0.22.0)
  activerecord-wrapped_transaction (~> 0.5.1)
  acts-as-taggable-on (~> 6.0)
  acts_as_list (~> 0.9)
  authority (~> 3.3.0)
  bcrypt (~> 3.0)
  charlock_holmes (~> 0.7)
  chroma (~> 0.2)
  citeproc-ruby (~> 1.1.0)
  classy_enum (~> 4.0.0)
  cleanroom
  clockwork (~> 2.0.0)
  closure_tree (~> 7.0)
  colorize (~> 0.8.0)
  csl-styles (~> 1.0)
  css_parser (~> 1.0)
  cssbeautify
  data_uri (~> 0.1.0)
  database_cleaner (~> 1.0)
  dotenv-rails (~> 2.0)
  draper (~> 3.1)
  dux (~> 0.8.0)
  elasticsearch (~> 5.0)
  equalizer
  factory_bot_rails (~> 4.0)
  faker (~> 2.0)
  filesize (~> 0.1.0)
  foreman (~> 0.84.0)
  friendly_id (~> 5.0)
  fuzzy_match (~> 2.1.0)
  google-api-client (~> 0.13.0)
  google_drive (~> 2.0)
  has_scope (~> 0.7.0)
  hashie (~> 3.0)
  httparty (~> 0.15.0)
  image_processing (~> 1.0)
  jsonb_accessor (~> 1.0.0)
  jwt (~> 1.5.6)
  kaminari (~> 1.0)
  lograge (~> 0.10)
  marcel (~> 0.3.2)
  memoist (~> 0.16.0)
  metadown!
  money (~> 6.0)
  namae (~> 1.0)
  naught (~> 1.0)
  nokogiri (~> 1.10)
  oauth2 (~> 1.3.1)
  omniauth (~> 1.6.1)
  omniauth-facebook (~> 4.0.0)
  omniauth-google-oauth2 (~> 0.4.1)
  omniauth-twitter (~> 1.4.0)
  paleta (~> 0.3.0)
  pandoc-ruby (~> 2.0)
  paper_trail (~> 10.0)
  paper_trail-globalid (~> 0.2)
  pg (~> 0.21.0)
  premailer-rails (~> 1.0)
  pry-rails (~> 0.3.0)
  pry-remote
  puma (~> 3.7)
  rack (>= 2.0.6)
  rack-cors (~> 1.0)
  rails (= 5.2.3)
  rainbow (~> 2.0)
  redcarpet (~> 3.0)
  redis (~> 4.0)
  redis-namespace (~> 1.0)
  redis-objects (~> 1.4)
  redis-rails (~> 5.0)
  rolify (~> 5.1)
  rspec-core (~> 3.0)
  rspec-expectations (~> 3.0)
  rspec-json_expectations (~> 2.0)
  rspec-mocks (~> 3.0)
  rspec-rails (~> 3.0)
  rspec-support (~> 3.0)
  rswag (~> 2.0)
  rubocop (~> 0.60)
  rubocop-rspec (~> 1.32)
  rubyzip (~> 1.3.0)
  scenic (~> 1.4)
  searchkick (~> 2.0)
  shrine (~> 2.17.0)
  shrine-memory
  shrine-tus (~> 1.2)
  sidekiq (~> 5.0)
  signet (~> 0.8.0)
  simplecov
  spring (~> 2.0)
  spring-commands-rspec (~> 1.0)
  statesman (~> 3.4.1)
  timecop (~> 0.9)
  tus-server (~> 2.0)
  twitter (~> 6.0)
  uber (~> 0.1.0)
  unicode (~> 0.4)
  uuid (~> 2.3)
  validate_url (~> 1.0)
  validates_email_format_of (~> 1.0)
  webmock (~> 3.0)
  with_advisory_lock (~> 4.0)
  with_model (~> 2.1)

BUNDLED WITH
   1.17.2
